GEM
  remote: https://rubygems.org/
  specs:
    ffi (1.15.4)
    hobby (0.2.2)
      rack (~> 2)
    listen (3.7.0)
      rb-fsevent (~> 0.10, >= 0.10.3)
      rb-inotify (~> 0.9, >= 0.9.10)
    rack (2.2.3)
    rb-fsevent (0.11.0)
    rb-inotify (0.10.1)
      ffi (~> 1.0)
    rerun (0.13.1)
      listen (~> 3.0)

PLATFORMS
  ruby

DEPENDENCIES
  hobby
  rerun

BUNDLED WITH
   2.1.4
